GIT
  remote: git://github.com/andy1341/codebreaker.git
  revision: 54b137738fe8b196adb54506434339f3e405550c
  branch: realise
  specs:
    codebreaker (0.1.3)

GEM
  remote: https://rubygems.org/
  specs:
    coderay (1.1.1)
    method_source (0.8.2)
    pry (0.10.3)
      coderay (~> 1.1.0)
      method_source (~> 0.8.1)
      slop (~> 3.4)
    rack (1.6.4)
    slop (3.6.0)

PLATFORMS
  ruby

DEPENDENCIES
  bundler
  codebreaker!
  pry
  rack

BUNDLED WITH
   1.12.5
